GEM
  remote: http://rubygems.org/
  specs:
    coderay (1.0.9)
    hpricot (0.8.6)
    method_source (0.8.2)
    mime-types (1.25)
    pry (0.9.12.2)
      coderay (~> 1.0.5)
      method_source (~> 0.8)
      slop (~> 3.4)
    rest-client (1.6.7)
      mime-types (>= 1.16)
    slop (3.4.6)
    stock_quote (1.0.3)
      hpricot
      rest-client

PLATFORMS
  ruby

DEPENDENCIES
  pry
  stock_quote
